GEM
  remote: https://rubygems.org/
  specs:
    activesupport (4.2.6)
      i18n (~> 0.7)
      json (~> 1.7, >= 1.7.7)
      minitest (~> 5.1)
      thread_safe (~> 0.3, >= 0.3.4)
      tzinfo (~> 1.1)
    byebug (9.0.5)
    i18n (0.7.0)
    json (1.8.3)
    kramdown (1.11.1)
    minitest (5.8.4)
    rake (10.4.2)
    sass (3.4.22)
    thread_safe (0.3.5)
    tzinfo (1.2.2)
      thread_safe (~> 0.1)

PLATFORMS
  ruby

DEPENDENCIES
  activesupport (~> 4.2.6)
  byebug
  kramdown
  rake
  sass (~> 3.4.21)

RUBY VERSION
   ruby 2.3.0p0

BUNDLED WITH
   1.12.0
