GEM
  remote: https://rubygems.org/
  specs:
    activesupport (4.2.6)
      i18n (~> 0.7)
      json (~> 1.7, >= 1.7.7)
      minitest (~> 5.1)
      thread_safe (~> 0.3, >= 0.3.4)
      tzinfo (~> 1.1)
    i18n (0.7.0)
    json (1.8.3)
    minitest (5.8.4)
    nyaplot (0.1.6)
    rake (10.4.2)
    redcarpet (3.3.4)
    sass (3.4.22)
    thread_safe (0.3.5)
    tzinfo (1.2.2)
      thread_safe (~> 0.1)

PLATFORMS
  ruby

DEPENDENCIES
  activesupport (~> 4.2.6)
  nyaplot (~> 0.1.5)
  rake
  redcarpet (~> 3.3.4)
  sass (~> 3.4.21)

BUNDLED WITH
   1.11.2
