GEM
  remote: https://rubygems.org/
  specs:
    rake (10.4.2)
    redcarpet (3.3.4)
    sass (3.4.22)

PLATFORMS
  ruby

DEPENDENCIES
  rake
  redcarpet (~> 3.3.4)
  sass (~> 3.4.21)

BUNDLED WITH
   1.11.2
